PATH
  remote: .
  specs:
    juicer (1.0.9)
      cmdparse
      nokogiri
      rubyzip

GEM
  remote: http://rubygems.org/
  specs:
    cmdparse (2.0.3)
    fakefs (0.3.2)
    git (1.2.5)
    jeweler (1.6.0)
      bundler (~> 1.0.0)
      git (>= 1.2.5)
      rake
    mocha (0.9.12)
    nokogiri (1.4.4.1-x86-mingw32)
    rake (0.9.0)
    rubyzip (0.9.4)
    shoulda (2.11.3)

PLATFORMS
  x86-mingw32

DEPENDENCIES
  fakefs (>= 0.2.1)
  jeweler (>= 0.2.1)
  juicer!
  mocha (>= 0.9.8)
  shoulda (>= 2.10.2)
